PATH
  remote: .
  specs:
    rake_subdir (0.1.0)
      colorize
      em_pessimistic
      eventmachine

GEM
  remote: https://rubygems.org/
  specs:
    colorize (0.6.0)
    em_pessimistic (0.2.0)
      eventmachine (~> 1.0)
    eventmachine (1.0.3)
    rake (10.1.0)

PLATFORMS
  ruby

DEPENDENCIES
  bundler (~> 1.3)
  rake
  rake_subdir!
